GEM
  remote: http://rubygems.org/
  specs:
    RedCloth (4.2.9)
    activemodel (3.2.12)
      activesupport (= 3.2.12)
      builder (~> 3.0.0)
    activesupport (3.2.12)
      i18n (~> 0.6)
      multi_json (~> 1.0)
    backports (2.8.2)
    builder (3.0.4)
    eventmachine (1.0.0)
    foreman (0.61.0)
      thor (>= 0.13.6)
    haml (4.0.0)
      tilt
    haml-contrib (1.0.0)
      haml (>= 3.2.0.alpha.13)
    i18n (0.6.1)
    json (1.7.7)
    kgio (2.8.0)
    libxml-ruby (2.6.0)
    mongoid (3.1.1)
      activemodel (~> 3.2)
      moped (~> 1.4.2)
      origin (~> 1.0)
      tzinfo (~> 0.3.22)
    moped (1.4.2)
    multi_json (1.6.1)
    origin (1.0.11)
    rack (1.5.2)
    rack-protection (1.3.2)
      rack
    rack-test (0.6.2)
      rack (>= 1.0)
    raindrops (0.10.0)
    rake (10.0.3)
    sass (3.2.5)
    sinatra (1.3.4)
      rack (~> 1.4)
      rack-protection (~> 1.3)
      tilt (~> 1.3, >= 1.3.3)
    sinatra-contrib (1.3.2)
      backports (>= 2.0)
      eventmachine
      rack-protection
      rack-test
      sinatra (~> 1.3.0)
      tilt (~> 1.3)
    sinatra-reloader (1.0)
      sinatra-contrib
    thor (0.17.0)
    tilt (1.3.3)
    tzinfo (0.3.35)
    unicorn (4.6.2)
      kgio (~> 2.6)
      rack
      raindrops (~> 0.7)
    xml-simple (1.1.2)

PLATFORMS
  ruby

DEPENDENCIES
  RedCloth (>= 4.2.7)
  foreman
  haml (>= 3.0.13)
  haml-contrib (>= 1.0.0)
  json (>= 1.4.3)
  libxml-ruby (>= 2.0.2)
  mongoid (>= 3)
  rake
  sass (>= 3.0.13)
  sinatra (>= 1.0)
  sinatra-reloader (> 0)
  unicorn
  xml-simple (>= 1.0.12)
