GEM
  remote: http://rubygems.org/
  specs:
    RedCloth (4.2.8)
    activemodel (3.1.1)
      activesupport (= 3.1.1)
      builder (~> 3.0.0)
      i18n (~> 0.6)
    activesupport (3.1.1)
      multi_json (~> 1.0)
    backports (2.3.0)
    bson (1.4.1)
    bson_ext (1.4.1)
    builder (3.0.0)
    eventmachine (0.12.10)
    haml (3.1.3)
    i18n (0.6.0)
    json (1.6.1)
    libxml-ruby (2.2.2)
    mongo (1.4.1)
      bson (= 1.4.1)
    mongoid (2.3.3)
      activemodel (~> 3.1)
      mongo (~> 1.3)
      tzinfo (~> 0.3.22)
    multi_json (1.0.3)
    rack (1.3.5)
    rack-protection (1.1.4)
      rack
    rack-test (0.6.1)
      rack (>= 1.0)
    sass (3.1.10)
    sinatra (1.3.1)
      rack (>= 1.3.4, ~> 1.3)
      rack-protection (>= 1.1.2, ~> 1.1)
      tilt (>= 1.3.3, ~> 1.3)
    sinatra-contrib (1.3.1)
      backports (>= 2.0)
      eventmachine
      rack-protection
      rack-test
      sinatra (~> 1.3.0)
      tilt (~> 1.3)
    sinatra-reloader (1.0)
      sinatra-contrib
    tilt (1.3.3)
    tzinfo (0.3.30)
    xml-simple (1.1.1)

PLATFORMS
  ruby

DEPENDENCIES
  RedCloth (>= 4.2.7)
  bson_ext (>= 1.2.4)
  haml (>= 3.0.13)
  json (>= 1.4.3)
  libxml-ruby (>= 2.0.2)
  mongo (>= 1.1.4)
  mongoid (>= 2.0.0.rc.7)
  sass (>= 3.0.13)
  sinatra (>= 1.0)
  sinatra-reloader (> 0)
  xml-simple (>= 1.0.12)
