GEM
  remote: http://rubygems.org/
  specs:
    RedCloth (4.2.7)
    activemodel (3.0.8)
      activesupport (= 3.0.8)
      builder (~> 2.1.2)
      i18n (~> 0.5.0)
    activesupport (3.0.8)
    backports (2.2.1)
    bson (1.3.1)
    bson_ext (1.3.1)
    builder (2.1.2)
    haml (3.1.2)
    i18n (0.5.0)
    json (1.5.1)
    libxml-ruby (2.0.2)
    mongo (1.3.1)
      bson (>= 1.3.1)
    mongoid (2.0.2)
      activemodel (~> 3.0)
      mongo (~> 1.3)
      tzinfo (~> 0.3.22)
    monkey-lib (0.5.4)
      backports
    rack (1.3.0)
    sass (3.1.2)
    sinatra (1.2.6)
      rack (~> 1.1)
      tilt (< 2.0, >= 1.2.2)
    sinatra-advanced-routes (0.5.1)
      monkey-lib (~> 0.5.0)
      sinatra (~> 1.0)
      sinatra-sugar (~> 0.5.0)
    sinatra-reloader (0.5.0)
      sinatra (~> 1.0)
      sinatra-advanced-routes (~> 0.5.0)
    sinatra-sugar (0.5.1)
      monkey-lib (~> 0.5.0)
      sinatra (~> 1.0)
    tilt (1.3.2)
    tzinfo (0.3.27)
    xml-simple (1.0.16)

PLATFORMS
  ruby

DEPENDENCIES
  RedCloth (>= 4.2.7)
  bson_ext (>= 1.2.4)
  haml (>= 3.0.13)
  json (>= 1.4.3)
  libxml-ruby (= 2.0.2)
  mongo (>= 1.1.4)
  mongoid (>= 2.0.0.rc.7)
  sass (>= 3.0.13)
  sinatra (>= 1.0)
  sinatra-reloader (> 0)
  xml-simple (>= 1.0.12)
